GIT
  remote: git://github.com/curator/puppet-syntax.git
  revision: 3e445cd4cd7de1e2a290e75fd91e6c096dabfb43
  branch: puppet_3_fix
  specs:
    puppet-syntax (1.1.0)
      puppet (>= 2.7.0)
      rake

GEM
  remote: https://rubygems.org/
  specs:
    addressable (2.3.5)
    backports (3.6.0)
    builder (3.2.2)
    coderay (1.1.0)
    diff-lcs (1.2.5)
    ethon (0.6.3)
      ffi (>= 1.3.0)
      mime-types (~> 1.18)
    excon (0.31.0)
    facter (1.7.5)
    faraday (0.8.9)
      multipart-post (~> 1.2.0)
    faraday_middleware (0.9.0)
      faraday (>= 0.7.4, < 0.9)
    ffi (1.9.3)
    fog (1.20.0)
      builder
      excon (~> 0.31.0)
      formatador (~> 0.2.0)
      mime-types
      multi_json (~> 1.0)
      net-scp (~> 1.1)
      net-ssh (>= 2.1.3)
      nokogiri (>= 1.5.11)
    formatador (0.2.4)
    gh (0.13.2)
      addressable
      backports
      faraday (~> 0.8)
      multi_json (~> 1.0)
      net-http-persistent (>= 2.7)
      net-http-pipeline
    hashr (0.0.22)
    hiera (1.3.1)
      json_pure
    highline (1.6.20)
    json (1.8.1)
    json_pure (1.8.1)
    kwalify (0.7.2)
    launchy (2.4.2)
      addressable (~> 2.3)
    librarian (0.1.2)
      highline
      thor (~> 0.15)
    librarian-puppet (0.9.13)
      json
      librarian (>= 0.1.2)
      open3_backport
    metaclass (0.0.4)
    method_source (0.8.2)
    mime-types (1.25.1)
    mocha (1.0.0)
      metaclass (~> 0.0.1)
    multi_json (1.8.4)
    multipart-post (1.2.0)
    net-http-persistent (2.9.4)
    net-http-pipeline (1.0.1)
    net-scp (1.1.2)
      net-ssh (>= 2.6.5)
    net-ssh (2.8.0)
    nokogiri (1.5.11)
    open3_backport (0.0.3)
      open4 (~> 1.3.0)
    open4 (1.3.1)
    pry (0.9.12.6)
      coderay (~> 1.0)
      method_source (~> 0.8)
      slop (~> 3.4)
    puppet (3.4.3)
      facter (~> 1.6)
      hiera (~> 1.0)
      rgen (~> 0.6.5)
    puppet-lint (0.3.2)
    puppetlabs_spec_helper (0.4.1)
      mocha (>= 0.10.5)
      rake
      rspec (>= 2.9.0)
      rspec-puppet (>= 0.1.1)
    pusher-client (0.4.0)
      websocket (~> 1.0.0)
    rake (10.1.1)
    rbvmomi (1.8.1)
      builder
      nokogiri (>= 1.4.1)
      trollop
    rgen (0.6.6)
    rspec (2.14.1)
      rspec-core (~> 2.14.0)
      rspec-expectations (~> 2.14.0)
      rspec-mocks (~> 2.14.0)
    rspec-core (2.14.7)
    rspec-expectations (2.14.5)
      diff-lcs (>= 1.1.3, < 2.0)
    rspec-mocks (2.14.6)
    rspec-puppet (1.0.1)
      rspec
    rspec-system (2.8.0)
      fog (~> 1.18)
      kwalify (~> 0.7.2)
      mime-types (~> 1.16)
      net-scp (~> 1.1)
      net-ssh (~> 2.7)
      nokogiri (~> 1.5.10)
      rbvmomi (~> 1.6)
      rspec (~> 2.14)
      systemu (~> 2.5)
    rspec-system-puppet (2.2.1)
      rspec-system (~> 2.0)
    serverspec (0.15.3)
      highline
      net-ssh
      rspec (>= 2.13.0)
      specinfra (>= 0.5.8)
    slop (3.4.7)
    specinfra (0.6.0)
    systemu (2.6.2)
    thor (0.18.1)
    travis (1.6.7)
      addressable (~> 2.3)
      backports
      faraday (~> 0.8.7)
      faraday_middleware (~> 0.9)
      gh (~> 0.13)
      highline (~> 1.6)
      launchy (~> 2.1)
      pry (~> 0.9)
      pusher-client (~> 0.4)
      typhoeus (~> 0.6)
    travis-lint (1.7.0)
      hashr (~> 0.0.22)
    trollop (2.0)
    typhoeus (0.6.7)
      ethon (~> 0.6.2)
    websocket (1.0.7)

PLATFORMS
  ruby

DEPENDENCIES
  facter
  librarian-puppet
  pry
  puppet
  puppet-lint
  puppet-syntax!
  puppetlabs_spec_helper
  rake
  rspec-puppet
  rspec-system-puppet
  serverspec
  travis
  travis-lint
